GEM
  remote: https://rubygems.org/
  specs:
    mini_portile (0.6.2)
    ncursesw (1.4.9)
    nokogiri (1.6.6.2)
      mini_portile (~> 0.6.0)

PLATFORMS
  ruby

DEPENDENCIES
  ncursesw
  nokogiri

BUNDLED WITH
   1.10.3
