GEM
  remote: https://rubygems.org/
  specs:
    mini_portile (0.6.2)
    ncurses-ruby (1.2.4)
    nokogiri (1.6.6.2)
      mini_portile (~> 0.6.0)

PLATFORMS
  ruby

DEPENDENCIES
  ncurses-ruby
  nokogiri

BUNDLED WITH
   1.10.3
